GIT
  remote: https://github.com/walle/gimli
  revision: 17f46bb860545ae155f93bc29c55c7487d29169b
  branch: development
  specs:
    gimli (0.5.9)
      RedCloth (~> 4.2.7)
      coderay (~> 1.1)
      github-markup (~> 1.3)
      nokogiri (~> 1.8.0)
      optiflag (~> 0.7)
      redcarpet (~> 3.2)
      wkhtmltopdf-binary (~> 0.12.3)

GEM
  remote: https://rubygems.org/
  specs:
    RedCloth (4.2.9)
    coderay (1.1.2)
    github-markup (1.7.0)
    handlebars (0.8.0)
      handlebars-source (~> 4.0.5)
      therubyracer (~> 0.12.1)
    handlebars-source (4.0.8)
    libv8 (3.16.14.19)
    mini_portile2 (2.3.0)
    nokogiri (1.8.5)
      mini_portile2 (~> 2.3.0)
    optiflag (0.7)
    pdf-core (0.7.0)
    prawn (2.2.2)
      pdf-core (~> 0.7.0)
      ttfunk (~> 1.5)
    rake (12.0.0)
    redcarpet (3.5.0)
    ref (2.0.0)
    therubyracer (0.12.3)
      libv8 (~> 3.16.14.15)
      ref
    ttfunk (1.5.1)
    wkhtmltopdf-binary (0.12.5)

PLATFORMS
  ruby

DEPENDENCIES
  gimli!
  handlebars
  prawn
  rake

BUNDLED WITH
   1.16.1
